PATH
  remote: .
  specs:
    ant-design-rails (0.0.1)

GEM
  remote: https://rubygems.org/
  specs:
    rake (13.0.6)

PLATFORMS
  arm64-darwin-21

DEPENDENCIES
  ant-design-rails!
  rake (~> 13.0)

BUNDLED WITH
   2.4.1
